GEM
  remote: http://rubygems.org/
  remote: http://gems.ad.laterooms.com/
  specs:
    albacore (0.3.5)
      rubyzip
    albacore-extensions (0.0.17)
      albacore (>= 0.2.4)
      nokogiri (>= 1.5.0)
    configatron (2.10.0)
      yamler (>= 0.1.0)
    mini_portile (0.5.0)
    msdeploy (0.0.22)
      albacore
      configatron
      nokogiri
    nokogiri (1.6.0)
      mini_portile (~> 0.5.0)
    nokogiri (1.6.0-x86-mingw32)
      mini_portile (~> 0.5.0)
    rubyzip (0.9.9)
    yamler (0.1.0)

PLATFORMS
  x86-mingw32

DEPENDENCIES
  albacore (= 0.3.5)
  albacore-extensions (>= 0.0.14)
  configatron
  msdeploy (>= 0.0.15)
  rubyzip
